GEM
  remote: https://rubygems.org/
  specs:
    busser (0.6.0)
      thor
    busser-serverspec (0.2.6)
      busser
    diff-lcs (1.2.5)
    highline (1.6.21)
    kitchen-vagrant (0.15.0)
      test-kitchen (~> 1.0)
    mixlib-shellout (1.4.0)
    net-scp (1.2.1)
      net-ssh (>= 2.6.5)
    net-ssh (2.9.1)
    psych (2.0.5)
    rspec (2.99.0)
      rspec-core (~> 2.99.0)
      rspec-expectations (~> 2.99.0)
      rspec-mocks (~> 2.99.0)
    rspec-core (2.99.1)
    rspec-expectations (2.99.1)
      diff-lcs (>= 1.1.3, < 2.0)
    rspec-its (1.0.1)
      rspec-core (>= 2.99.0.beta1)
      rspec-expectations (>= 2.99.0.beta1)
    rspec-mocks (2.99.1)
    safe_yaml (1.0.3)
    serverspec (1.10.0)
      highline
      net-ssh
      rspec (~> 2.99)
      rspec-its
      specinfra (~> 1.20)
    specinfra (1.20.0)
    test-kitchen (1.2.1)
      mixlib-shellout (~> 1.2)
      net-scp (~> 1.1)
      net-ssh (~> 2.7)
      safe_yaml (~> 1.0)
      thor (~> 0.18)
    thor (0.19.1)

PLATFORMS
  ruby

DEPENDENCIES
  busser
  busser-serverspec
  kitchen-vagrant
  psych
  serverspec
  test-kitchen
